GEM
  remote: http://rubygems.org/
  specs:
    highline (1.7.3)
    mini_portile (0.6.2)
    nokogiri (1.6.6.2)
      mini_portile (~> 0.6.0)

PLATFORMS
  ruby

DEPENDENCIES
  highline
  nokogiri

BUNDLED WITH
   1.10.6
